GEM
  remote: https://rubygems.org/
  specs:
    mail (2.6.3)
      mime-types (>= 1.16, < 3)
    mime-types (2.99.1)

PLATFORMS
  ruby

DEPENDENCIES
  mail

BUNDLED WITH
   1.11.2
